GIT
  remote: git://github.com/rspec/rspec-core.git
  revision: 9f8983f2b2e11ad71f02475683e5ed1f6e5be60f
  specs:
    rspec-core (2.12.2)

GIT
  remote: git://github.com/rspec/rspec-expectations.git
  revision: a46e7aa5d9399508326945f1527b5c1cf40f2629
  specs:
    rspec-expectations (2.12.1)
      diff-lcs (>= 1.1.3)

GIT
  remote: git://github.com/rspec/rspec-mocks.git
  revision: c45405812fd12e885dbe451b312ce546b2851ca4
  specs:
    rspec-mocks (2.12.2)

PATH
  remote: .
  specs:
    linkscape (0.4.0)
      faraday (~> 0.8.1)
      faraday_middleware (>= 0.8.8)
      ruby-hmac

GEM
  remote: https://rubygems.org/
  specs:
    columnize (0.3.6)
    debugger (1.6.6)
      columnize (>= 0.3.1)
      debugger-linecache (~> 1.2.0)
      debugger-ruby_core_source (~> 1.3.2)
    debugger-linecache (1.2.0)
    debugger-ruby_core_source (1.3.2)
    diff-lcs (1.2.0)
    faraday (0.8.5)
      multipart-post (~> 1.1)
    faraday_middleware (0.9.0)
      faraday (>= 0.7.4, < 0.9)
    multi_json (1.5.0)
    multipart-post (1.1.5)
    rake (10.0.3)
    ruby-hmac (0.4.0)
    simplecov (0.7.1)
      multi_json (~> 1.0)
      simplecov-html (~> 0.7.1)
    simplecov-html (0.7.1)
    timecop (0.5.9.1)
    vcr (2.4.0)

PLATFORMS
  ruby

DEPENDENCIES
  debugger (>= 0.10.4)
  linkscape!
  rake (>= 10)
  rspec-core (>= 2.12)!
  rspec-expectations (>= 2.12)!
  rspec-mocks (>= 2.12)!
  simplecov
  timecop (>= 0.3.5)
  vcr (>= 2.2)
